GEM
  remote: https://rubygems.org/
  specs:
    byebug (9.1.0)
    colorize (0.8.1)
    faker (1.7.3)
      i18n (~> 0.5)
    i18n (0.8.6)

PLATFORMS
  ruby

DEPENDENCIES
  byebug
  colorize
  faker

BUNDLED WITH
   1.15.4
